GIT
  remote: git://github.com/railsdog/searchlogic.git
  revision: 92487f9773b01d27a350c71d0e12fc0124b866b2
  specs:
    rd_searchlogic (3.0.1)
      activerecord (>= 3.0.0)

GIT
  remote: git://github.com/sferik/rails_admin.git
  revision: 48b67c2d2493bfa7ac08aaab8667101261379eb2
  specs:
    rails_admin (0.0.2)
      builder (~> 2.1.0)
      rails (~> 3.0.3)

GEM
  remote: http://rubygems.org/
  specs:
    abstract (1.0.0)
    actionmailer (3.0.3)
      actionpack (= 3.0.3)
      mail (~> 2.2.9)
    actionpack (3.0.3)
      activemodel (= 3.0.3)
      activesupport (= 3.0.3)
      builder (~> 2.1.2)
      erubis (~> 2.6.6)
      i18n (~> 0.4)
      rack (~> 1.2.1)
      rack-mount (~> 0.6.13)
      rack-test (~> 0.5.6)
      tzinfo (~> 0.3.23)
    activemodel (3.0.3)
      activesupport (= 3.0.3)
      builder (~> 2.1.2)
      i18n (~> 0.4)
    activerecord (3.0.3)
      activemodel (= 3.0.3)
      activesupport (= 3.0.3)
      arel (~> 2.0.2)
      tzinfo (~> 0.3.23)
    activeresource (3.0.3)
      activemodel (= 3.0.3)
      activesupport (= 3.0.3)
    activesupport (3.0.3)
    annotate (2.4.0)
    arel (2.0.7)
    bcrypt-ruby (2.1.4)
    builder (2.1.2)
    crack (0.1.8)
    devise (1.1.5)
      bcrypt-ruby (~> 2.1.2)
      warden (~> 1.0.2)
    erubis (2.6.6)
      abstract (>= 1.0.0)
    fastercsv (1.5.4)
    formtastic (1.2.3)
      actionpack (>= 2.3.7)
      activesupport (>= 2.3.7)
      i18n (~> 0.4)
    geocoder (1.0.2)
    gmaps4rails (0.9.1)
      crack
    haml (3.0.25)
    i18n (0.5.0)
    mail (2.2.15)
      activesupport (>= 2.3.6)
      i18n (>= 0.4.0)
      mime-types (~> 1.16)
      treetop (~> 1.4.8)
    meta_search (1.0.1)
      actionpack (~> 3.0.2)
      activerecord (~> 3.0.2)
      activesupport (~> 3.0.2)
      arel (~> 2.0.2)
    mime-types (1.16)
    nifty-generators (0.4.4)
    nokogiri (1.5.0)
    pdfkit (0.5.0)
    pg (0.10.1)
    polyglot (0.3.1)
    pony (1.1)
      mail (> 2.0)
    prawn (0.8.4)
      prawn-core (< 0.9, >= 0.8.4)
      prawn-layout (< 0.9, >= 0.8.4)
      prawn-security (< 0.9, >= 0.8.4)
    prawn-core (0.8.4)
    prawn-layout (0.8.4)
    prawn-security (0.8.4)
    prawnto (0.0.4)
      prawn
      rails (>= 2.1)
    rack (1.2.1)
    rack-mount (0.6.13)
      rack (>= 1.0.0)
    rack-test (0.5.7)
      rack (>= 1.0)
    rails (3.0.3)
      actionmailer (= 3.0.3)
      actionpack (= 3.0.3)
      activerecord (= 3.0.3)
      activeresource (= 3.0.3)
      activesupport (= 3.0.3)
      bundler (~> 1.0)
      railties (= 3.0.3)
    railties (3.0.3)
      actionpack (= 3.0.3)
      activesupport (= 3.0.3)
      rake (>= 0.8.7)
      thor (~> 0.14.4)
    rake (0.9.2)
    sqlite3 (1.3.4)
    thor (0.14.6)
    treetop (1.4.9)
      polyglot (>= 0.3.1)
    tzinfo (0.3.24)
    warden (1.0.3)
      rack (>= 1.0.0)
    will_paginate (2.3.15)

PLATFORMS
  ruby

DEPENDENCIES
  annotate
  devise (= 1.1.5)
  fastercsv (= 1.5.4)
  formtastic
  geocoder
  gmaps4rails
  haml
  meta_search (= 1.0.1)
  nifty-generators (= 0.4.4)
  nokogiri
  pdfkit (= 0.5.0)
  pg
  pony (= 1.1)
  prawn (= 0.8.4)
  prawn-core (= 0.8.4)
  prawn-layout (= 0.8.4)
  prawn-security (= 0.8.4)
  prawnto (= 0.0.4)
  rails (= 3.0.3)
  rails_admin!
  rd_searchlogic!
  sqlite3
  will_paginate (= 2.3.15)
